GEM
  remote: http://gemcutter.org/
  specs:
    contributors (0.1.1)
    diff-lcs (1.1.2)
    nake (0.0.8)
      term-ansicolor
    perftools.rb (0.5.6)
    rspec (2.5.0)
      rspec-core (~> 2.5.0)
      rspec-expectations (~> 2.5.0)
      rspec-mocks (~> 2.5.0)
    rspec-core (2.5.1)
    rspec-expectations (2.5.0)
      diff-lcs (~> 1.1.2)
    rspec-mocks (2.5.0)
    term-ansicolor (1.0.5)

PLATFORMS
  java
  ruby

DEPENDENCIES
  contributors
  nake
  perftools.rb
  rspec (>= 2.0.0)
